GEM
  remote: http://rubygems.org/
  specs:
    jruby-jars (1.7.4)
    zxing (0.3.1)
      jruby-jars

PLATFORMS
  ruby

DEPENDENCIES
  jruby-jars
  zxing
